GEM
  remote: https://rubygems.org/
  specs:
    minitest (5.18.0)
    ruby2d (0.12.1)

PLATFORMS
  x64-mingw-ucrt

DEPENDENCIES
  minitest (~> 5)
  ruby2d (~> 0.12.1)

BUNDLED WITH
   2.4.12
